FRAMEWORK: NET45
NUGET
  remote: https://www.nuget.org/api/v2
    FAKE (4.50)
    FSharp.Control.AsyncSeq (2.0.10)
    FSharp.Core (4.0.0.1)
    FSharpx.Async (1.13)
      FSharp.Control.AsyncSeq
      FSharp.Core
    FSharpx.Collections (1.15.2)
      FSharp.Core
    FSharpx.Extras (2.2)
      FSharpx.Async
      FSharpx.Collections
